GEM
  remote: https://rubygems.org/
  specs:
    chartkick (5.0.1)
    gammo (0.3.0)

PLATFORMS
  arm64-darwin-22

DEPENDENCIES
  chartkick
  gammo

RUBY VERSION
   ruby 3.0.6p216

BUNDLED WITH
   2.4.10
